GEM
  remote: https://rubygems.org/
  specs:
    erubi (1.13.0)
    thor (1.3.1)
    tmuxinator (3.3.0)
      erubi (~> 1.7)
      thor (~> 1.3.0)
      xdg (~> 2.2, >= 2.2.5)
    xdg (2.2.5)

PLATFORMS
  arm64-darwin-23

DEPENDENCIES
  bundler
  tmuxinator

BUNDLED WITH
   2.4.10
