GEM
  remote: https://rubygems.org/
  specs:
    erubis (2.7.0)
    msgpack (1.7.2)
    multi_json (1.15.0)
    neovim (0.9.1)
      msgpack (~> 1.1)
      multi_json (~> 1.0)
    thor (1.2.2)
    tmuxinator (3.0.5)
      erubis (~> 2.6)
      thor (~> 1.2.1)
      xdg (~> 2.2, >= 2.2.5)
    xdg (2.2.5)

PLATFORMS
  ruby

DEPENDENCIES
  bundler
  neovim
  tmuxinator

BUNDLED WITH
   2.1.4
