GEM
  remote: https://rubygems.org/
  specs:
    erubis (2.7.0)
    thor (1.3.0)
    tmuxinator (3.1.0)
      erubis (~> 2.6)
      thor (~> 1.3.0)
      xdg (~> 2.2, >= 2.2.5)
    xdg (2.2.5)

PLATFORMS
  arm64-darwin-23

DEPENDENCIES
  bundler
  tmuxinator

BUNDLED WITH
   2.4.10
