GEM
  remote: https://rubygems.org/
  specs:
    erubis (2.7.0)
    foreman (0.87.2)
    msgpack (1.7.2)
    multi_json (1.15.0)
    neovim (0.9.1)
      msgpack (~> 1.1)
      multi_json (~> 1.0)
    thor (1.3.0)
    tmuxinator (3.1.0)
      erubis (~> 2.6)
      thor (~> 1.3.0)
      xdg (~> 2.2, >= 2.2.5)
    xdg (2.2.5)

PLATFORMS
  arm64-darwin-23

DEPENDENCIES
  bundler
  foreman
  neovim
  tmuxinator

BUNDLED WITH
   2.4.10
